GEM
  remote: https://rubygems.org/
  remote: https://geminst:943662ea7d0fad349eeae9f69adb521d@nextgem.engineyard.com/
  specs:
    addressable (2.3.4)
    builder (3.2.0)
    cistern (0.2.1)
    coderay (1.0.9)
    diff-lcs (1.2.4)
    dropbox-sdk (1.5.1)
      json
    excon (0.22.1)
    ey-core (0.1.7)
      addressable
      cistern (~> 0.2.0)
      ey-hmac
      faraday
      faraday_middleware
      mime-types
    ey-hmac (0.0.4)
    faraday (0.8.7)
      multipart-post (~> 1.1)
    faraday_middleware (0.9.0)
      faraday (>= 0.7.4, < 0.9)
    ffi (1.8.1)
    fog (1.10.1)
      builder
      excon (~> 0.20)
      formatador (~> 0.2.0)
      mime-types
      multi_json (~> 1.0)
      net-scp (~> 1.1)
      net-ssh (>= 2.1.3)
      nokogiri (~> 1.5.0)
      ruby-hmac
    formatador (0.2.4)
    fuubar (1.1.0)
      rspec (~> 2.0)
      rspec-instafail (~> 0.2.0)
      ruby-progressbar (~> 1.0.0)
    guard (1.8.0)
      formatador (>= 0.2.4)
      listen (>= 1.0.0)
      lumberjack (>= 1.0.2)
      pry (>= 0.9.10)
      thor (>= 0.14.6)
    guard-rspec (3.0.0)
      guard (>= 1.8)
      rspec (~> 2.13)
    hipchat (0.9.0)
      httparty
      httparty
    httparty (0.11.0)
      multi_json (~> 1.0)
      multi_xml (>= 0.5.2)
    json (1.8.0)
    listen (1.1.3)
      rb-fsevent (>= 0.9.3)
      rb-inotify (>= 0.9)
      rb-kqueue (>= 0.2)
    lumberjack (1.0.3)
    mail (2.5.4)
      mime-types (~> 1.16)
      treetop (~> 1.4.8)
    metaclass (0.0.1)
    method_source (0.8.1)
    mime-types (1.23)
    mocha (0.14.0)
      metaclass (~> 0.0.1)
    multi_json (1.7.3)
    multi_xml (0.5.3)
    multipart-post (1.2.0)
    net-scp (1.1.1)
      net-ssh (>= 2.6.5)
    net-sftp (2.1.2)
      net-ssh (>= 2.6.5)
    net-ssh (2.6.7)
    nokogiri (1.5.9)
    open4 (1.3.0)
    parallel (0.6.5)
    polyglot (0.3.3)
    pry (0.9.12.2)
      coderay (~> 1.0.5)
      method_source (~> 0.8)
      slop (~> 3.4)
    pry-nav (0.2.2)
      pry (~> 0.9.10)
    rb-fsevent (0.9.3)
    rb-inotify (0.9.0)
      ffi (>= 0.5.0)
    rb-kqueue (0.2.0)
      ffi (>= 0.5.0)
    redcarpet (2.3.0)
    rspec (2.13.0)
      rspec-core (~> 2.13.0)
      rspec-expectations (~> 2.13.0)
      rspec-mocks (~> 2.13.0)
    rspec-core (2.13.1)
    rspec-expectations (2.13.0)
      diff-lcs (>= 1.1.3, < 2.0)
    rspec-instafail (0.2.4)
    rspec-mocks (2.13.1)
    ruby-hmac (0.4.0)
    ruby-progressbar (1.0.2)
    simple_oauth (0.2.0)
    slop (3.4.5)
    thor (0.18.1)
    timecop (0.6.1)
    treetop (1.4.12)
      polyglot
      polyglot (>= 0.3.1)
    twitter (4.6.2)
      faraday (~> 0.8, < 0.10)
      multi_json (~> 1.0)
      simple_oauth (~> 0.2)
    yard (0.8.6.1)

PLATFORMS
  ruby

DEPENDENCIES
  dropbox-sdk (= 1.5.1)
  excon
  ey-core (~> 0.1.5)
  fog (= 1.10.1)
  fuubar
  guard
  guard-rspec
  hipchat
  json
  mail
  mocha
  net-scp
  net-sftp
  net-ssh
  open4
  parallel
  pry
  pry-nav
  rb-fsevent
  rb-inotify
  redcarpet
  rspec
  thor
  timecop
  twitter
  yard
